GEM
  remote: https://rubygems.org/
  specs:
    ast (2.4.2)
    bundler-audit (0.9.1)
      bundler (>= 1.2.0, < 3)
      thor (~> 1.0)
    diff-lcs (1.5.0)
    erubi (1.11.0)
    fastimage (2.2.6)
    ffi (1.15.5)
    json (2.6.3)
    listen (3.7.1)
      rb-fsevent (~> 0.10, >= 0.10.3)
      rb-inotify (~> 0.9, >= 0.9.10)
    mini_magick (4.12.0)
    mustermann (3.0.0)
      ruby2_keywords (~> 0.0.1)
    parallel (1.22.1)
    parser (3.1.3.0)
      ast (~> 2.4.1)
    rack (2.2.4)
    rack-protection (3.0.5)
      rack
    rack-test (2.0.2)
      rack (>= 1.3)
    rainbow (3.1.1)
    rake (13.0.6)
    rb-fsevent (0.11.2)
    rb-inotify (0.10.1)
      ffi (~> 1.0)
    regexp_parser (2.6.1)
    rerun (0.13.1)
      listen (~> 3.0)
    rexml (3.2.5)
    rspec (3.12.0)
      rspec-core (~> 3.12.0)
      rspec-expectations (~> 3.12.0)
      rspec-mocks (~> 3.12.0)
    rspec-core (3.12.0)
      rspec-support (~> 3.12.0)
    rspec-expectations (3.12.0)
      diff-lcs (>= 1.2.0, < 2.0)
      rspec-support (~> 3.12.0)
    rspec-mocks (3.12.0)
      diff-lcs (>= 1.2.0, < 2.0)
      rspec-support (~> 3.12.0)
    rspec-support (3.12.0)
    rubocop (1.41.1)
      json (~> 2.3)
      parallel (~> 1.10)
      parser (>= 3.1.2.1)
      rainbow (>= 2.2.2, < 4.0)
      regexp_parser (>= 1.8, < 3.0)
      rexml (>= 3.2.5, < 4.0)
      rubocop-ast (>= 1.23.0, < 2.0)
      ruby-progressbar (~> 1.7)
      unicode-display_width (>= 1.4.0, < 3.0)
    rubocop-ast (1.24.0)
      parser (>= 3.1.1.0)
    rubocop-performance (1.15.2)
      rubocop (>= 1.7.0, < 2.0)
      rubocop-ast (>= 0.4.0)
    rubocop-rake (0.6.0)
      rubocop (~> 1.0)
    rubocop-rspec (2.16.0)
      rubocop (~> 1.33)
    ruby-progressbar (1.11.0)
    ruby2_keywords (0.0.5)
    sinatra (3.0.5)
      mustermann (~> 3.0)
      rack (~> 2.2, >= 2.2.4)
      rack-protection (= 3.0.5)
      tilt (~> 2.0)
    thor (1.2.1)
    tilt (2.0.11)
    unicode-display_width (2.3.0)

PLATFORMS
  ruby

DEPENDENCIES
  bundler-audit
  erubi
  fastimage
  mini_magick
  rack
  rack-test
  rake
  rerun
  rspec
  rubocop
  rubocop-performance
  rubocop-rake
  rubocop-rspec
  sinatra

BUNDLED WITH
   2.1.4
